PATH
  remote: ../contact_agent
  specs:
    contact_agent (1.0.0)
      faraday
      hashie
      multi_json
      oj

GEM
  remote: https://rubygems.org/
  specs:
    columnize (0.3.6)
    debugger (1.6.0)
      columnize (>= 0.3.1)
      debugger-linecache (~> 1.2.0)
      debugger-ruby_core_source (~> 1.2.1)
    debugger-linecache (1.2.0)
    debugger-ruby_core_source (1.2.2)
    faraday (0.8.7)
      multipart-post (~> 1.1)
    hashie (2.0.5)
    multi_json (1.7.7)
    multipart-post (1.2.0)
    oj (2.1.1)

PLATFORMS
  ruby

DEPENDENCIES
  contact_agent!
  debugger
